GEM
  remote: https://rubygems.org/
  specs:
    ast (2.4.2)
    kwalify (0.7.2)
    parser (3.1.2.1)
      ast (~> 2.4.1)
    rainbow (3.1.1)
    reek (6.1.1)
      kwalify (~> 0.7.0)
      parser (~> 3.1.0)
      rainbow (>= 2.0, < 4.0)

PLATFORMS
  x86_64-darwin-21

DEPENDENCIES
  reek

BUNDLED WITH
   2.3.24
